GEM
  remote: https://rubygems.org/
  specs:
    awesome_print (1.7.0)
    colorize (0.8.1)
    terminal-table (1.6.0)

PLATFORMS
  ruby

DEPENDENCIES
  awesome_print (= 1.7.0)
  colorize (= 0.8.1)
  terminal-table (= 1.6.0)

BUNDLED WITH
   1.12.5
